GEM
  remote: https://rubygems.org/
  specs:
    rack (1.6.8)

PLATFORMS
  ruby

DEPENDENCIES
  rack (~> 1.6.4)

BUNDLED WITH
   1.16.0
